GEM
  remote: https://rubygems.org/
  specs:
    coderay (1.1.0)
    colorize (0.7.7)
    method_source (0.8.2)
    nephos-server (0.5.2)
      colorize (~> 0.7)
      nomorebeer (~> 1.1)
      puma (~> 2.13)
      rack (~> 1.6)
    nomorebeer (1.1)
    pry (0.10.2)
      coderay (~> 1.1.0)
      method_source (~> 0.8.1)
      slop (~> 3.4)
    puma (2.14.0)
    rack (1.6.4)
    slim (3.0.6)
      temple (~> 0.7.3)
      tilt (>= 1.3.3, < 2.1)
    slop (3.6.0)
    temple (0.7.6)
    tilt (2.0.1)

PLATFORMS
  ruby

DEPENDENCIES
  nephos-server
  pry
  slim

BUNDLED WITH
   1.10.5
