GEM
  remote: https://rubygems.org/
  specs:
    colorize (0.7.7)
    nephos (1.0.4)
      nephos-server (~> 0)
      nomorebeer (~> 1.1)
    nephos-server (0.6.9)
      colorize (~> 0.7)
      nomorebeer (~> 1.1)
      puma (~> 2.13)
      rack (~> 1.6)
    nomorebeer (1.1)
    puma (2.15.0)
    rack (1.6.4)

PLATFORMS
  ruby

DEPENDENCIES
  nephos

BUNDLED WITH
   1.10.6
